GEM
  remote: https://rubygems.org/
  specs:
    RedCloth (4.2.9)
    activesupport (3.2.13)
      i18n (= 0.6.1)
      multi_json (~> 1.0)
    better_errors (0.7.2)
      coderay (>= 1.0.0)
      erubis (>= 2.6.6)
    chunky_png (1.2.8)
    coderay (1.0.9)
    coffee-script (2.2.0)
      coffee-script-source
      execjs
    coffee-script-source (1.6.2)
    colorize (0.5.8)
    columnize (0.3.6)
    commonjs (0.2.6)
    compass (0.12.2)
      chunky_png (~> 1.2)
      fssm (>= 0.2.7)
      sass (~> 3.1)
    daemons (1.1.9)
    debugger (1.5.0)
      columnize (>= 0.3.1)
      debugger-linecache (~> 1.2.0)
      debugger-ruby_core_source (~> 1.2.0)
    debugger-linecache (1.2.0)
    debugger-ruby_core_source (1.2.0)
    dragonfly (0.9.14)
      multi_json (~> 1.0)
      rack
    erubis (2.7.0)
    eventmachine (1.0.3)
    execjs (1.4.0)
      multi_json (~> 1.0)
    faker (0.9.5)
      i18n (~> 0.4)
    fssm (0.2.10)
    haml (3.2.0.rc.2)
      tilt
    httmultiparty (0.3.8)
      httparty (>= 0.7.3)
      multipart-post
    httparty (0.10.2)
      multi_json (~> 1.0)
      multi_xml (>= 0.5.2)
    i18n (0.6.1)
    json (1.6.8)
    less (2.2.2)
      commonjs (~> 0.2.6)
    libv8 (3.3.10.4)
    listen (0.7.3)
    locomotive_liquid (2.4.2)
    locomotivecms_mounter (1.0.2)
      RedCloth (~> 4.2.3)
      activesupport (~> 3.2.5)
      coffee-script (~> 2.2.0)
      colorize (~> 0.5.8)
      compass (~> 0.12.1)
      haml (= 3.2.0.rc.2)
      httmultiparty (~> 0.3.8)
      i18n (~> 0.6.0)
      json (~> 1.6.5)
      less (~> 2.2.1)
      logger
      mime-types (~> 1.19)
      multi_json (~> 1.2.0)
      sass (~> 3.2.1)
      stringex (~> 1.4.0)
      therubyracer (~> 0.10.2)
      tilt (= 1.3.3)
      zip (~> 2.0.2)
    locomotivecms_wagon (1.0.1)
      RedCloth (~> 4.2.9)
      activesupport (~> 3.2.11)
      better_errors (~> 0.7.2)
      dragonfly (~> 0.9.12)
      faker (~> 0.9.5)
      httmultiparty (= 0.3.8)
      listen (~> 0.7.0)
      locomotive_liquid (~> 2.4.1)
      locomotivecms_mounter (= 1.0.2)
      rack-cache (~> 1.1)
      thin
      thor
      will_paginate (~> 3.0.3)
    logger (1.2.8)
    mime-types (1.22)
    multi_json (1.2.0)
    multi_xml (0.5.3)
    multipart-post (1.2.0)
    rack (1.5.2)
    rack-cache (1.2)
      rack (>= 0.4)
    sass (3.2.7)
    stringex (1.4.0)
    therubyracer (0.10.2)
      libv8 (~> 3.3.10)
    thin (1.5.1)
      daemons (>= 1.0.9)
      eventmachine (>= 0.12.6)
      rack (>= 1.0.0)
    thor (0.18.1)
    tilt (1.3.3)
    will_paginate (3.0.4)
    zip (2.0.2)

PLATFORMS
  ruby

DEPENDENCIES
  debugger
  locomotivecms_wagon (~> 1.0)
